GEM
  remote: https://rubygems.org/
  specs:
    json (2.6.2)
    rack (2.2.3.1)

PLATFORMS
  x86_64-linux

DEPENDENCIES
  json (~> 2.5)
  rack (~> 2.2)

BUNDLED WITH
   2.2.33
